GIT
  remote: git://github.com/joseph-montanez/activemdb.git
  revision: 0400eab01e40d5ec98f7b4f5b2fb588965a5f6f4
  specs:
    activemdb (0.2.5)
      activesupport (>= 4.0.0, < 5.0.0)
      fastercsv (>= 1.2.3)

GEM
  remote: https://rubygems.org/
  specs:
    activesupport (4.2.5.1)
      i18n (~> 0.7)
      json (~> 1.7, >= 1.7.7)
      minitest (~> 5.1)
      thread_safe (~> 0.3, >= 0.3.4)
      tzinfo (~> 1.1)
    fastercsv (1.5.5)
    i18n (0.7.0)
    json (1.8.3)
    minitest (5.8.4)
    thread_safe (0.3.5)
    tzinfo (1.2.2)
      thread_safe (~> 0.1)

PLATFORMS
  ruby

DEPENDENCIES
  activemdb!

BUNDLED WITH
   1.11.2
